GIT
  remote: https://github.com/livingsocial/rake-pipeline.git
  revision: 9008ba072c7a97f4c730e779358e8a0ad7b8d194
  specs:
    rake-pipeline (0.6.0)
      rake (~> 0.9.0)
      thor

GEM
  remote: http://rubygems.org/
  specs:
    awesome_print (1.0.2)
    pd (1.0.5)
      awesome_print
    rack (1.4.1)
    rake (0.9.2.2)
    thor (0.15.4)

PLATFORMS
  ruby

DEPENDENCIES
  pd
  rack
  rake-pipeline!
