GIT
  remote: https://github.com/livingsocial/rake-pipeline.git
  revision: 3465e0e3e134bf52ddf5d138e8c8262412080095
  specs:
    rake-pipeline (0.6.0)
      rake (~> 0.9.0)
      thor

GEM
  remote: http://rubygems.org/
  specs:
    awesome_print (1.0.2)
    pd (1.0.5)
      awesome_print
    rack (1.4.1)
    rake (0.9.2.2)
    thor (0.15.4)

PLATFORMS
  ruby

DEPENDENCIES
  pd
  rack
  rake-pipeline!
